GEM
  remote: https://rubygems.org/
  specs:
    rake (10.5.0)
    sass (3.4.21)
    scss_lint (0.47.0)
      rake (>= 0.9, < 11)
      sass (~> 3.4.15)
    scss_lint_reporter_checkstyle (0.2.0)

PLATFORMS
  ruby

DEPENDENCIES
  scss_lint
  scss_lint_reporter_checkstyle

BUNDLED WITH
   1.11.2
